PATH
  remote: .
  specs:
    glean (0.0.9)
      git (= 1.2.5)
      gli (= 2.5.4)
      toml (= 0.0.3)

GEM
  remote: http://rubygems.org/
  specs:
    blankslate (2.1.2.4)
    coderay (1.0.9)
    diff-lcs (1.2.1)
    git (1.2.5)
    gli (2.5.4)
    guard (1.6.2)
      listen (>= 0.6.0)
      lumberjack (>= 1.0.2)
      pry (>= 0.9.10)
      terminal-table (>= 1.4.3)
      thor (>= 0.14.6)
    guard-rspec (2.5.1)
      guard (>= 1.1)
      rspec (~> 2.11)
    listen (0.7.3)
    lumberjack (1.0.3)
    method_source (0.8.1)
    parslet (1.5.0)
      blankslate (~> 2.0)
    pry (0.9.12)
      coderay (~> 1.0.5)
      method_source (~> 0.8)
      slop (~> 3.4)
    rake (10.0.3)
    rb-fsevent (0.9.3)
    rspec (2.13.0)
      rspec-core (~> 2.13.0)
      rspec-expectations (~> 2.13.0)
      rspec-mocks (~> 2.13.0)
    rspec-core (2.13.1)
    rspec-expectations (2.13.0)
      diff-lcs (>= 1.1.3, < 2.0)
    rspec-mocks (2.13.0)
    rspec-nc (0.0.5)
      rspec (~> 2.9)
      terminal-notifier (~> 1.4.2)
    slop (3.4.4)
    terminal-notifier (1.4.2)
    terminal-table (1.4.5)
    thor (0.17.0)
    toml (0.0.3)
      parslet

PLATFORMS
  ruby

DEPENDENCIES
  glean!
  guard-rspec
  pry
  rake
  rb-fsevent
  rspec
  rspec-nc
