PATH
  remote: .
  specs:
    glean (0.0.9)
      git (= 1.2.5)
      gli (= 2.5.4)
      toml (= 0.0.3)

GEM
  remote: http://rubygems.org/
  specs:
    blankslate (2.1.2.4)
    git (1.2.5)
    gli (2.5.4)
    parslet (1.5.0)
      blankslate (~> 2.0)
    rake (10.0.3)
    toml (0.0.3)
      parslet

PLATFORMS
  ruby

DEPENDENCIES
  glean!
  rake
